GEM
  remote: https://rubygems.org/
  specs:
    addressable (2.5.1)
      public_suffix (~> 2.0, >= 2.0.2)
    asciidoctor (1.5.6.1)
    coderay (1.1.1)
    commonmarker (0.16.8)
      ruby-enum (~> 0.5)
    em-websocket (0.5.1)
      eventmachine (>= 0.12.9)
      http_parser.rb (~> 0.6.0)
    eventmachine (1.2.5)
    faraday (0.12.2)
      multipart-post (>= 1.2, < 3)
    github-markup (1.6.1)
    http_parser.rb (0.6.0)
    i18n (0.8.6)
    method_source (0.8.2)
    msgpack (1.1.0)
    multipart-post (2.0.0)
    octokit (4.7.0)
      sawyer (~> 0.8.0, >= 0.5.3)
    power_assert (1.0.2)
    pry (0.10.4)
      coderay (~> 1.1.0)
      method_source (~> 0.8.1)
      slop (~> 3.4)
    public_suffix (2.0.5)
    rake (12.0.0)
    regexp-examples (1.3.2)
    ruby-enum (0.7.1)
      i18n
    ruby-lzma (0.4.3)
    sawyer (0.8.1)
      addressable (>= 2.3.5, < 2.6)
      faraday (~> 0.8, < 1.0)
    slop (3.6.0)
    test-unit (3.2.5)
      power_assert

PLATFORMS
  ruby

DEPENDENCIES
  asciidoctor
  commonmarker
  em-websocket
  github-markup
  msgpack
  octokit (~> 4.0)
  pry
  rake
  regexp-examples
  ruby-lzma
  sawyer
  test-unit

BUNDLED WITH
   1.15.3
