GEM
  remote: https://rubygems.org/
  specs:
    asciidoctor (1.5.5)
    commonmarker (0.14.13)
      ruby-enum (~> 0.5)
    em-websocket (0.5.1)
      eventmachine (>= 0.12.9)
      http_parser.rb (~> 0.6.0)
    eventmachine (1.2.3)
    github-markup (1.5.0)
      rinku
    http_parser.rb (0.6.0)
    i18n (0.8.1)
    regexp-examples (1.3.1)
    rinku (2.0.2)
    ruby-enum (0.7.1)
      i18n

PLATFORMS
  ruby

DEPENDENCIES
  asciidoctor
  commonmarker
  em-websocket
  github-markup
  regexp-examples

BUNDLED WITH
   1.13.6
