GEM
  remote: https://rubygems.org/
  specs:
    asciidoctor (1.5.5)
    commonmarker (0.14.13)
      ruby-enum (~> 0.5)
    github-markup (1.5.0)
      rinku
    i18n (0.8.1)
    mime-types (3.1)
      mime-types-data (~> 3.2015)
    mime-types-data (3.2016.0521)
    rinku (2.0.2)
    ruby-enum (0.7.1)
      i18n

PLATFORMS
  ruby

DEPENDENCIES
  asciidoctor
  commonmarker
  github-markup
  mime-types

BUNDLED WITH
   1.13.6
